GEM
  remote: https://rubygems.org/
  specs:
    circleci (2.0.2)
    moji (1.6)
    oj (3.6.11)
    rake (12.3.1)
    romaji (0.2.4)
      rake (>= 0.8.0)
    ruby-progressbar (1.10.0)
    rubyzip (1.3.0)
    thor (0.20.0)

PLATFORMS
  ruby

DEPENDENCIES
  circleci
  moji
  oj
  romaji
  ruby-progressbar
  rubyzip
  thor

BUNDLED WITH
   1.16.4
